GEM
  remote: http://rubygems.org/
  specs:
    rack (1.6.0)

PLATFORMS
  x64-mingw32

DEPENDENCIES
  rack
